PATH
  remote: .
  specs:
    jruby-ehcache (1.1.2)
      activesupport
      i18n
      jruby-ehcache

GEM
  remote: http://rubygems.org/
  specs:
    activesupport (3.1.1)
      multi_json (~> 1.0)
    git (1.2.5)
    i18n (0.6.0)
    jeweler (1.6.4)
      bundler (~> 1.0)
      git (>= 1.2.5)
      rake
    multi_json (1.0.3)
    rake (0.8.7)

PLATFORMS
  java

DEPENDENCIES
  jeweler
  jruby-ehcache!
  rake
